GEM
  remote: https://rubygems.org/
  specs:
    activesupport (4.2.11.3)
      i18n (~> 0.7)
      minitest (~> 5.1)
      thread_safe (~> 0.3, >= 0.3.4)
      tzinfo (~> 1.1)
    addressable (2.8.0)
      public_suffix (>= 2.0.2, < 5.0)
    babosa (1.0.4)
    claide (1.0.3)
    clamp (0.6.5)
    colored (1.2)
    commander-fastlane (4.4.6)
      highline (~> 1.7.2)
    concurrent-ruby (1.1.9)
    domain_name (0.5.20190701)
      unf (>= 0.0.5, < 1.0.0)
    dotenv (2.7.6)
    excon (0.84.0)
    faraday (0.17.4)
      multipart-post (>= 1.2, < 3)
    faraday-cookie_jar (0.0.7)
      faraday (>= 0.8.0)
      http-cookie (~> 1.0.0)
    faraday_middleware (0.14.0)
      faraday (>= 0.7.4, < 1.0)
    fastimage (2.2.4)
    fastlane (2.26.1)
      activesupport (< 5)
      addressable (>= 2.3, < 3.0.0)
      babosa (>= 1.0.2, < 2.0.0)
      bundler (>= 1.12.0, < 2.0.0)
      colored
      commander-fastlane (>= 4.4.0, < 5.0.0)
      dotenv (>= 2.1.1, < 3.0.0)
      excon (>= 0.45.0, < 1.0.0)
      faraday (~> 0.9)
      faraday-cookie_jar (~> 0.0.6)
      faraday_middleware (~> 0.9)
      fastimage (>= 1.6)
      gh_inspector (>= 1.0.1, < 2.0.0)
      google-api-client (~> 0.9.2)
      highline (>= 1.7.2, < 2.0.0)
      json (< 3.0.0)
      mini_magick (~> 4.5.1)
      multi_json
      multi_xml (~> 0.5)
      multipart-post (~> 2.0.0)
      plist (>= 3.1.0, < 4.0.0)
      rubyzip (>= 1.1.0, < 2.0.0)
      security (= 0.1.3)
      slack-notifier (>= 1.3, < 2.0.0)
      terminal-notifier (>= 1.6.2, < 2.0.0)
      terminal-table (>= 1.4.5, < 2.0.0)
      tty-screen (~> 0.5.0)
      word_wrap (~> 1.0.0)
      xcodeproj (>= 0.20, < 2.0.0)
      xcpretty (>= 0.2.4, < 1.0.0)
      xcpretty-travis-formatter (>= 0.0.3)
    gh_inspector (1.1.3)
    google-api-client (0.9.28)
      addressable (~> 2.3)
      googleauth (~> 0.5)
      httpclient (~> 2.7)
      hurley (~> 0.1)
      memoist (~> 0.11)
      mime-types (>= 1.6)
      representable (~> 2.3.0)
      retriable (~> 2.0)
    googleauth (0.16.2)
      faraday (>= 0.17.3, < 2.0)
      jwt (>= 1.4, < 3.0)
      memoist (~> 0.16)
      multi_json (~> 1.11)
      os (>= 0.9, < 2.0)
      signet (~> 0.14)
    highline (1.7.10)
    http-cookie (1.0.4)
      domain_name (~> 0.5)
    httpclient (2.8.3)
    hurley (0.2)
    i18n (0.9.5)
      concurrent-ruby (~> 1.0)
    json (2.5.1)
    jwt (2.2.3)
    memoist (0.16.2)
    mime-types (3.3.1)
      mime-types-data (~> 3.2015)
    mime-types-data (3.2021.0704)
    mini_magick (4.5.1)
    mini_portile2 (2.0.0)
    minitest (5.14.4)
    multi_json (1.15.0)
    multi_xml (0.6.0)
    multipart-post (2.0.0)
    nokogiri (1.6.7.2)
      mini_portile2 (~> 2.0.0.rc2)
    os (1.1.1)
    plist (3.6.0)
    public_suffix (4.0.6)
    representable (2.3.0)
      uber (~> 0.0.7)
    retriable (2.1.0)
    rouge (2.0.7)
    rubyzip (1.3.0)
    scan (1.0.0)
      colored
      fastlane (>= 2.0.0, < 3.0.0)
      slack-notifier (~> 1.3)
      terminal-table (>= 1.4.5, < 2.0.0)
      xcpretty (>= 0.2.4, < 1.0.0)
      xcpretty-travis-formatter (>= 0.0.3)
    security (0.1.3)
    signet (0.15.0)
      addressable (~> 2.3)
      faraday (>= 0.17.3, < 2.0)
      jwt (>= 1.5, < 3.0)
      multi_json (~> 1.10)
    slack-notifier (1.5.1)
    slather (2.0.1)
      clamp (~> 0.6)
      nokogiri (~> 1.6.3)
      xcodeproj (>= 0.28.2, < 1.1.0)
    terminal-notifier (1.8.0)
    terminal-table (1.8.0)
      unicode-display_width (~> 1.1, >= 1.1.1)
    thread_safe (0.3.6)
    tty-screen (0.5.1)
    tzinfo (1.2.9)
      thread_safe (~> 0.1)
    uber (0.0.15)
    unf (0.1.4)
      unf_ext
    unf_ext (0.0.7.7)
    unicode-display_width (1.7.0)
    word_wrap (1.0.0)
    xcodeproj (1.0.0)
      activesupport (>= 3)
      claide (>= 1.0.0, < 2.0)
      colored (~> 1.2)
    xcpretty (0.3.0)
      rouge (~> 2.0.7)
    xcpretty-travis-formatter (1.0.1)
      xcpretty (~> 0.2, >= 0.0.7)

PLATFORMS
  ruby

DEPENDENCIES
  fastlane (>= 1.81.0)
  scan
  slather
  xcpretty

BUNDLED WITH
   1.17.3
